GEM
  remote: http://rubygems.org/
  specs:
    activesupport (3.1.1)
      multi_json (~> 1.0)
    blather (0.5.8)
      activesupport (>= 3.0.7)
      eventmachine (~> 0.12.6)
      niceogiri (>= 0.0.4)
      nokogiri (~> 1.4.0)
    chronic_duration (0.9.6)
      numerizer (~> 0.1.1)
    eventmachine (0.12.10)
    multi_json (1.0.3)
    niceogiri (0.0.4)
      nokogiri (>= 1.4.0)
    nokogiri (1.4.7)
    numerizer (0.1.1)

PLATFORMS
  ruby

DEPENDENCIES
  blather
  chronic_duration
